GEM
  remote: https://rubygems.org/
  specs:
    cinch (2.0.9)
    dotenv (0.9.0)
    mime-types (1.25)
    rest-client (1.6.7)
      mime-types (>= 1.16)

PLATFORMS
  ruby

DEPENDENCIES
  cinch
  dotenv
  rest-client
